GEM
  remote: http://rubygems.org/
  specs:
    actionmailer (2.3.11)
      actionpack (= 2.3.11)
    actionpack (2.3.11)
      activesupport (= 2.3.11)
      rack (~> 1.1.0)
    activerecord (2.3.11)
      activesupport (= 2.3.11)
    activeresource (2.3.11)
      activesupport (= 2.3.11)
    activesupport (2.3.11)
    addressable (2.2.4)
    after_commit (1.0.8)
      activerecord (< 3.0.0)
    alchemist (0.1.2.1)
    awesome_print (0.3.2)
    braintree (2.6.2)
      builder
    builder (3.0.0)
    devise (1.0.11)
      warden (~> 0.10.3)
    faraday (0.5.7)
      addressable (~> 2.2.4)
      multipart-post (~> 1.1.0)
      rack (< 2, >= 1.1.0)
    geokit (1.5.0)
    geokit-rails (1.1.4)
      geokit (>= 1.5.0)
    juggernaut (2.0.0)
      redis
    mime-types (1.16)
    multi_json (0.0.5)
    multipart-post (1.1.0)
    mysql (2.8.1)
    net-ldap (0.1.1)
    nokogiri (1.4.4)
    oa-basic (0.2.0.beta4)
      multi_json (~> 0.0.2)
      nokogiri (~> 1.4.2)
      oa-core (= 0.2.0.beta4)
      rest-client (~> 1.6.0)
    oa-core (0.2.0.beta4)
      rack (~> 1.1)
    oa-enterprise (0.2.0.beta4)
      net-ldap (~> 0.1.1)
      nokogiri (~> 1.4.2)
      oa-core (= 0.2.0.beta4)
      pyu-ruby-sasl (~> 0.0.3.1)
      rubyntlm (~> 0.1.1)
    oa-more (0.2.0.beta4)
      multi_json (~> 0.0.2)
      oa-core (= 0.2.0.beta4)
      rest-client (~> 1.6.0)
    oa-oauth (0.2.0.beta4)
      multi_json (~> 0.0.2)
      nokogiri (~> 1.4.2)
      oa-core (= 0.2.0.beta4)
      oauth (~> 0.4.0)
      oauth2 (~> 0.1.1)
    oa-openid (0.2.0.beta4)
      oa-core (= 0.2.0.beta4)
      rack-openid (~> 1.2.0)
      ruby-openid-apps-discovery
    oauth (0.4.4)
    oauth2 (0.1.1)
      faraday (~> 0.5.0)
      multi_json (~> 0.0.4)
    omniauth (0.2.0.beta4)
      oa-basic (= 0.2.0.beta4)
      oa-core (= 0.2.0.beta4)
      oa-enterprise (= 0.2.0.beta4)
      oa-more (= 0.2.0.beta4)
      oa-oauth (= 0.2.0.beta4)
      oa-openid (= 0.2.0.beta4)
    pyu-ruby-sasl (0.0.3.2)
    rack (1.1.2)
    rack-openid (1.2.0)
      rack (>= 1.1.0)
      ruby-openid (>= 2.1.8)
    rails (2.3.11)
      actionmailer (= 2.3.11)
      actionpack (= 2.3.11)
      activerecord (= 2.3.11)
      activeresource (= 2.3.11)
      activesupport (= 2.3.11)
      rake (>= 0.8.3)
    rake (0.8.7)
    redis (2.1.1)
    rest-client (1.6.1)
      mime-types (>= 1.16)
    riddle (1.2.2)
    ruby-openid (2.1.8)
    ruby-openid-apps-discovery (1.2.0)
      ruby-openid (>= 2.1.7)
    rubyntlm (0.1.1)
    searchlogic (2.4.27)
      activerecord (>= 2.0.0)
    thinking-sphinx (1.3.20)
      activerecord (< 3.0.0, >= 1.15.6)
      after_commit (>= 1.0.6)
      riddle (>= 1.0.10)
    warden (0.10.7)
      rack (>= 1.0.0)
    will_paginate (2.3.15)
    youtube_it (1.2.10)
      builder
      oauth (>= 0.4.4)

PLATFORMS
  ruby

DEPENDENCIES
  alchemist
  awesome_print
  braintree (= 2.6.2)
  devise (= 1.0.11)
  geokit (~> 1.5.0)
  geokit-rails (= 1.1.4)
  juggernaut (= 2.0.0)
  mysql (= 2.8.1)
  omniauth (= 0.2.0.beta4)
  rails (~> 2.3.11)
  searchlogic (= 2.4.27)
  thinking-sphinx (= 1.3.20)
  warden
  will_paginate (~> 2.3.11)
  youtube_it (= 1.2.10)
